GEM
  remote: https://rubygems.org/
  specs:
    RubyInline (3.14.2)
      ZenTest (~> 4.3)
    ZenTest (4.12.2)
    addressable (2.8.7)
      public_suffix (>= 2.0.2, < 7.0)
    coderay (1.1.3)
    dotenv (2.8.1)
    fuzzy-string-match (1.0.1)
      RubyInline (>= 3.8.6)
    httparty (0.21.0)
      mini_mime (>= 1.0.0)
      multi_xml (>= 0.5.2)
    method_source (1.1.0)
    mini_mime (1.1.5)
    mini_portile2 (2.8.9)
    multi_xml (0.6.0)
    nokogiri (1.13.10)
      mini_portile2 (~> 2.8.0)
      racc (~> 1.4)
    pry (0.15.2)
      coderay (~> 1.1)
      method_source (~> 1.0)
    public_suffix (5.1.1)
    racc (1.8.1)
    rexml (3.4.1)
    rss (0.3.1)
      rexml

PLATFORMS
  ruby

DEPENDENCIES
  addressable
  dotenv
  fuzzy-string-match
  httparty
  nokogiri
  pry
  rss

BUNDLED WITH
   1.17.2
